GIT
  remote: https://github.com/openai/openai-ruby.git
  revision: ac3c96c6285eacd4528bd76a8b9170bbbabb63b0
  branch: main
  specs:
    openai (0.1.0.pre.alpha.5)
      connection_pool

GEM
  remote: https://rubygems.org/
  specs:
    coderay (1.1.3)
    connection_pool (2.5.0)
    method_source (1.1.0)
    pry (0.15.2)
      coderay (~> 1.1)
      method_source (~> 1.0)

PLATFORMS
  ruby

DEPENDENCIES
  openai!
  pry

BUNDLED WITH
   2.5.22
